GEM
  remote: http://rubygems.org/
  specs:
    faker (1.6.3)
      i18n (~> 0.5)
    i18n (0.7.0)
    rake (10.4.2)
    sqlite3 (1.3.11)

PLATFORMS
  ruby

DEPENDENCIES
  faker
  rake
  sqlite3

BUNDLED WITH
   1.12.5
